NUGET
  remote: https://nuget.org/api/v2
  specs:
    FAKE (4.3.7)
    Microsoft.Owin (3.0.1) - framework: >= net45
      Owin (>= 1.0)
    Microsoft.Owin.Diagnostics (3.0.1) - framework: >= net45
      Microsoft.Owin (>= 3.0.1)
      Owin (>= 1.0)
    Microsoft.Owin.FileSystems (3.0.1) - framework: >= net45
    Microsoft.Owin.Host.HttpListener (3.0.1) - framework: >= net45
    Microsoft.Owin.Hosting (3.0.1) - framework: >= net45
      Microsoft.Owin (>= 3.0.1)
      Owin (>= 1.0)
    Microsoft.Owin.StaticFiles (3.0.1) - framework: >= net45
      Microsoft.Owin (>= 3.0.1)
      Microsoft.Owin.FileSystems (>= 3.0.1)
      Owin (>= 1.0)
    Mono.Cecil (0.9.6.1) - framework: >= net45
    Owin (1.0) - framework: >= net45
    WebSharper (3.4.14.193)
    WebSharper.Owin (3.4.6.102) - framework: >= net45
      Microsoft.Owin
      Owin
      WebSharper
    WebSharper.UI.Next (3.4.19.168)
      WebSharper
